PATH
  remote: .
  specs:
    makanai (0.1.8)
      rack (>= 2.0.7, < 3.1.0)
      rackup (>= 0.2, < 3.0)
      rake (>= 10, < 14)

GEM
  remote: https://rubygems.org/
  specs:
    ast (2.4.2)
    codecov (0.6.0)
      simplecov (>= 0.15, < 0.22)
    diff-lcs (1.5.0)
    docile (1.4.0)
    haml (5.2.2)
      temple (>= 0.8.0)
      tilt
    json (2.6.2)
    mini_portile2 (2.8.1)
    mysql2 (0.5.5)
    parallel (1.22.1)
    parser (3.1.2.1)
      ast (~> 2.4.1)
    pg (1.4.6)
    rack (3.0.7)
    rackup (2.1.0)
      rack (>= 3)
      webrick (~> 1.8)
    rainbow (3.1.1)
    rake (13.0.6)
    regexp_parser (2.6.0)
    rexml (3.2.5)
    rspec (3.12.0)
      rspec-core (~> 3.12.0)
      rspec-expectations (~> 3.12.0)
      rspec-mocks (~> 3.12.0)
    rspec-core (3.12.0)
      rspec-support (~> 3.12.0)
    rspec-expectations (3.12.0)
      diff-lcs (>= 1.2.0, < 2.0)
      rspec-support (~> 3.12.0)
    rspec-mocks (3.12.0)
      diff-lcs (>= 1.2.0, < 2.0)
      rspec-support (~> 3.12.0)
    rspec-retry (0.6.2)
      rspec-core (> 3.3)
    rspec-support (3.12.0)
    rubocop (1.39.0)
      json (~> 2.3)
      parallel (~> 1.10)
      parser (>= 3.1.2.1)
      rainbow (>= 2.2.2, < 4.0)
      regexp_parser (>= 1.8, < 3.0)
      rexml (>= 3.2.5, < 4.0)
      rubocop-ast (>= 1.23.0, < 2.0)
      ruby-progressbar (~> 1.7)
      unicode-display_width (>= 1.4.0, < 3.0)
    rubocop-ast (1.23.0)
      parser (>= 3.1.1.0)
    ruby-progressbar (1.11.0)
    simplecov (0.21.2)
      docile (~> 1.1)
      simplecov-html (~> 0.11)
      simplecov_json_formatter (~> 0.1)
    simplecov-html (0.12.3)
    simplecov_json_formatter (0.1.3)
    sqlite3 (1.6.2)
      mini_portile2 (~> 2.8.0)
    temple (0.8.2)
    tilt (2.0.10)
    unicode-display_width (2.3.0)
    webrick (1.8.1)

PLATFORMS
  ruby

DEPENDENCIES
  bundler (~> 2.0)
  codecov
  haml (~> 5.0)
  makanai!
  mysql2 (~> 0.5)
  pg (~> 1.2)
  rspec (~> 3.0)
  rspec-retry (~> 0.6)
  rubocop (~> 1.0)
  sqlite3 (~> 1.6.0)
  webrick (~> 1.8.1)

BUNDLED WITH
   2.4.1
