PATH
  remote: .
  specs:
    makanai (0.1.7)
      rack (>= 2.0.7, < 2.3.0)
      rake (>= 10, < 14)

GEM
  remote: https://rubygems.org/
  specs:
    ast (2.4.2)
    codecov (0.5.2)
      simplecov (>= 0.15, < 0.22)
    diff-lcs (1.4.4)
    docile (1.3.5)
    haml (5.2.2)
      temple (>= 0.8.0)
      tilt
    mysql2 (0.5.3)
    parallel (1.20.1)
    parser (3.0.2.0)
      ast (~> 2.4.1)
    pg (1.2.3)
    rack (2.2.3)
    rainbow (3.0.0)
    rake (13.0.6)
    regexp_parser (2.1.1)
    rexml (3.2.5)
    rspec (3.10.0)
      rspec-core (~> 3.10.0)
      rspec-expectations (~> 3.10.0)
      rspec-mocks (~> 3.10.0)
    rspec-core (3.10.0)
      rspec-support (~> 3.10.0)
    rspec-expectations (3.10.0)
      diff-lcs (>= 1.2.0, < 2.0)
      rspec-support (~> 3.10.0)
    rspec-mocks (3.10.0)
      diff-lcs (>= 1.2.0, < 2.0)
      rspec-support (~> 3.10.0)
    rspec-retry (0.6.2)
      rspec-core (> 3.3)
    rspec-support (3.10.0)
    rubocop (1.19.1)
      parallel (~> 1.10)
      parser (>= 3.0.0.0)
      rainbow (>= 2.2.2, < 4.0)
      regexp_parser (>= 1.8, < 3.0)
      rexml
      rubocop-ast (>= 1.9.1, < 2.0)
      ruby-progressbar (~> 1.7)
      unicode-display_width (>= 1.4.0, < 3.0)
    rubocop-ast (1.10.0)
      parser (>= 3.0.1.1)
    ruby-progressbar (1.11.0)
    simplecov (0.21.2)
      docile (~> 1.1)
      simplecov-html (~> 0.11)
      simplecov_json_formatter (~> 0.1)
    simplecov-html (0.12.3)
    simplecov_json_formatter (0.1.2)
    sqlite3 (1.4.2)
    temple (0.8.2)
    tilt (2.0.10)
    unicode-display_width (2.0.0)
    webrick (1.7.0)

PLATFORMS
  ruby

DEPENDENCIES
  bundler (~> 2.0)
  codecov
  haml (~> 5.0)
  makanai!
  mysql2 (~> 0.5)
  pg (~> 1.2)
  rspec (~> 3.0)
  rspec-retry (~> 0.6)
  rubocop (~> 1.0)
  sqlite3 (~> 1.4.1)
  webrick (~> 1.7.0)

BUNDLED WITH
   2.2.15
